GEM
  remote: https://rubygems.org/
  specs:
    clint (0.2.7)
    coderay (1.1.3)
    colorize (1.1.0)
    method_source (1.0.0)
    pry (0.14.2)
      coderay (~> 1.1)
      method_source (~> 1.0)

PLATFORMS
  arm64-darwin-23

DEPENDENCIES
  clint (~> 0.2.7)
  colorize (~> 1.1)
  pry (~> 0.14.2)

RUBY VERSION
   ruby 3.2.2p53

BUNDLED WITH
   2.4.10
